PATH
  remote: .
  specs:
    bunny-sdk (0.1.0)
      microsoft_kiota_abstractions (~> 0.14.4)
      microsoft_kiota_authentication_oauth (~> 0.8.0)
      microsoft_kiota_faraday (~> 0.15.0)
      microsoft_kiota_serialization_json (~> 0.9.1)

GEM
  remote: https://rubygems.org/
  specs:
    ast (2.4.2)
    base64 (0.2.0)
    bigdecimal (3.1.8)
    diff-lcs (1.5.1)
    faraday (2.10.1)
      faraday-net_http (>= 2.0, < 3.2)
      logger
    faraday-net_http (3.1.1)
      net-http
    hashie (5.0.0)
    iso8601 (0.13.0)
    json (2.6.3)
    jwt (2.8.2)
      base64
    language_server-protocol (3.17.0.3)
    logger (1.6.0)
    microsoft_kiota_abstractions (0.14.4)
      iso8601 (~> 0.13.0)
      stduritemplate (~> 0.0.39)
    microsoft_kiota_authentication_oauth (0.8.0)
      microsoft_kiota_abstractions (~> 0.14.0)
      oauth2 (~> 2.0)
    microsoft_kiota_faraday (0.15.0)
      faraday (~> 2.7, >= 2.7.2)
      microsoft_kiota_abstractions (~> 0.14.0)
    microsoft_kiota_serialization_json (0.9.1)
      json (~> 2.6.3)
      microsoft_kiota_abstractions (~> 0.14.0)
      uuidtools (~> 2.2.0)
    multi_xml (0.7.1)
      bigdecimal (~> 3.1)
    net-http (0.4.1)
      uri
    oauth2 (2.0.9)
      faraday (>= 0.17.3, < 3.0)
      jwt (>= 1.0, < 3.0)
      multi_xml (~> 0.5)
      rack (>= 1.2, < 4)
      snaky_hash (~> 2.0)
      version_gem (~> 1.1)
    parallel (1.26.2)
    parser (3.3.4.2)
      ast (~> 2.4.1)
      racc
    racc (1.8.1)
    rack (3.1.7)
    rainbow (3.1.1)
    rake (13.2.1)
    regexp_parser (2.9.2)
    rexml (3.3.5)
      strscan
    rspec (3.13.0)
      rspec-core (~> 3.13.0)
      rspec-expectations (~> 3.13.0)
      rspec-mocks (~> 3.13.0)
    rspec-core (3.13.0)
      rspec-support (~> 3.13.0)
    rspec-expectations (3.13.1)
      diff-lcs (>= 1.2.0, < 2.0)
      rspec-support (~> 3.13.0)
    rspec-mocks (3.13.1)
      diff-lcs (>= 1.2.0, < 2.0)
      rspec-support (~> 3.13.0)
    rspec-support (3.13.1)
    rubocop (1.65.1)
      json (~> 2.3)
      language_server-protocol (>= 3.17.0)
      parallel (~> 1.10)
      parser (>= 3.3.0.2)
      rainbow (>= 2.2.2, < 4.0)
      regexp_parser (>= 2.4, < 3.0)
      rexml (>= 3.2.5, < 4.0)
      rubocop-ast (>= 1.31.1, < 2.0)
      ruby-progressbar (~> 1.7)
      unicode-display_width (>= 2.4.0, < 3.0)
    rubocop-ast (1.32.0)
      parser (>= 3.3.1.0)
    ruby-progressbar (1.13.0)
    snaky_hash (2.0.1)
      hashie
      version_gem (~> 1.1, >= 1.1.1)
    stduritemplate (0.0.59)
    strscan (3.1.0)
    unicode-display_width (2.5.0)
    uri (0.13.0)
    uuidtools (2.2.0)
    version_gem (1.1.4)

PLATFORMS
  arm64-darwin-23
  ruby

DEPENDENCIES
  bunny-sdk!
  rake (~> 13.0)
  rspec (~> 3.0)
  rubocop (~> 1.21)

BUNDLED WITH
   2.5.15
